GIT
  remote: https://github.com/Shopify/ruby-lsp.git
  revision: 943d78ec5176f5e49983515f0f3d492a1adc3536
  specs:
    ruby-lsp (0.23.9)
      language_server-protocol (~> 3.17.0)
      prism (>= 1.2, < 2.0)
      rbs (>= 3, < 4)
      sorbet-runtime (>= 0.5.10782)

GIT
  remote: https://github.com/joeldrapper/quickdraw.git
  revision: 850ed1c36d5d61f6b4a860ef5dc8cdbe97942397
  specs:
    quickdraw (0.1.0)
      difftastic (~> 0.1)
      io-watch (~> 0.6)

PATH
  remote: .
  specs:
    dispersion (0.1.0)
      prism

GEM
  remote: https://rubygems.org/
  specs:
    ast (2.4.2)
    difftastic (0.4.0-arm64-darwin)
    io-watch (0.6.3)
    json (2.9.1)
    language_server-protocol (3.17.0.4)
    logger (1.6.5)
    parallel (1.26.3)
    parser (3.3.7.0)
      ast (~> 2.4.1)
      racc
    prism (1.3.0)
    racc (1.8.1)
    rainbow (3.1.1)
    rbs (3.8.1)
      logger
    regexp_parser (2.10.0)
    rubocop (1.71.1)
      json (~> 2.3)
      language_server-protocol (>= 3.17.0)
      parallel (~> 1.10)
      parser (>= 3.3.0.2)
      rainbow (>= 2.2.2, < 4.0)
      regexp_parser (>= 2.9.3, < 3.0)
      rubocop-ast (>= 1.38.0, < 2.0)
      ruby-progressbar (~> 1.7)
      unicode-display_width (>= 2.4.0, < 4.0)
    rubocop-ast (1.38.0)
      parser (>= 3.3.1.0)
    ruby-progressbar (1.13.0)
    sorbet-runtime (0.5.11796)
    unicode-display_width (3.1.4)
      unicode-emoji (~> 4.0, >= 4.0.4)
    unicode-emoji (4.0.4)

PLATFORMS
  arm64-darwin-22
  arm64-darwin-23
  arm64-darwin-24

DEPENDENCIES
  dispersion!
  quickdraw!
  rubocop
  ruby-lsp!

BUNDLED WITH
   2.4.12
