PATH
  remote: ../green_dots
  specs:
    green_dots (0.1.0)
      concurrent-ruby
      prism
      rouge
      tty-tree
      zeitwerk

PATH
  remote: .
  specs:
    dispersion (0.1.0)
      prism (~> 0.18)

GEM
  remote: https://rubygems.org/
  specs:
    concurrent-ruby (1.2.2)
    prism (0.18.0)
    rouge (4.1.3)
    tty-tree (0.4.0)
    zeitwerk (2.6.12)

PLATFORMS
  arm64-darwin-22

DEPENDENCIES
  dispersion!
  green_dots!

BUNDLED WITH
   2.4.12
